GIT
  remote: http://github.com/swhitt/google-spreadsheet-ruby.git
  revision: 3fca43326884f2c07fe728ac93e2e5b5e511fefa
  branch: nokogiri-and-fixes
  specs:
    google-spreadsheet-ruby (0.1.1)
      nokogiri (>= 1.4.3.1)
      oauth (>= 0.3.6)

GEM
  remote: http://rubygems.org/
  specs:
    json (1.4.6)
    nokogiri (1.4.3.1)
    oauth (0.4.3)
    ruby-ole (1.2.10.1)
    spreadsheet (0.6.4.1)
      ruby-ole

PLATFORMS
  ruby

DEPENDENCIES
  google-spreadsheet-ruby!
  json
  spreadsheet
