GEM
  remote: http://rubygems.org/
  specs:
    columnize (0.3.1)
    google-spreadsheet-ruby (0.1.1)
      hpricot (>= 0.3)
      oauth (>= 0.3.6)
    hpricot (0.8.2)
    linecache (0.43)
    oauth (0.4.3)
    ruby-debug (0.10.3)
      columnize (>= 0.1)
      ruby-debug-base (~> 0.10.3.0)
    ruby-debug-base (0.10.3)
      linecache (>= 0.3)

PLATFORMS
  ruby

DEPENDENCIES
  google-spreadsheet-ruby
  ruby-debug
