GIT
  remote: http://github.com/swhitt/google-spreadsheet-ruby.git
  revision: 3fca43326884f2c07fe728ac93e2e5b5e511fefa
  branch: nokogiri-and-fixes
  specs:
    google-spreadsheet-ruby (0.1.1)
      nokogiri (>= 1.4.3.1)
      oauth (>= 0.3.6)

GEM
  remote: http://rubygems.org/
  specs:
    columnize (0.3.1)
    json (1.4.6)
    linecache (0.43)
    nokogiri (1.4.3.1)
    oauth (0.4.3)
    ruby-debug (0.10.3)
      columnize (>= 0.1)
      ruby-debug-base (~> 0.10.3.0)
    ruby-debug-base (0.10.3)
      linecache (>= 0.3)

PLATFORMS
  ruby

DEPENDENCIES
  google-spreadsheet-ruby!
  json
  ruby-debug
